GEM
  remote: https://rubygems.org/
  remote: https://enterprise.contribsys.com/
  specs:
    concurrent-ruby (1.3.3)
    connection_pool (2.4.1)
    dotenv (2.8.1)
    einhorn (1.0.0)
    gserver (0.0.1)
    logger (1.6.0)
    ostruct (0.6.0)
    rack (3.1.7)
    redis (4.8.1)
    redis-client (0.22.2)
      connection_pool
    sidekiq (7.3.0)
      concurrent-ruby (< 2)
      connection_pool (>= 2.3.0)
      logger
      rack (>= 2.2.4)
      redis-client (>= 0.22.2)
    sidekiq-ent (7.3.0)
      einhorn (~> 1.0)
      gserver
      sidekiq (>= 7.3.0, < 8)
      sidekiq-pro (>= 7.3.0, < 8)
    sidekiq-pro (7.3.0)
      sidekiq (>= 7.3.0, < 8)

PLATFORMS
  ruby

DEPENDENCIES
  dotenv (~> 2.7)
  ostruct
  redis (~> 4.0)
  sidekiq-ent (~> 7)!

RUBY VERSION
   ruby 2.7.5p203

BUNDLED WITH
   2.1.4
