GEM
  remote: https://enterprise.contribsys.com/
  specs:
    sidekiq-ent (2.5.3)
      einhorn (>= 0.7.4)
      sidekiq (>= 6.5.0, < 7)
      sidekiq-pro (>= 5.5.0, < 6)
    sidekiq-pro (5.5.2)
      sidekiq (>= 6.5.0)

GEM
  remote: https://rubygems.org/
  specs:
    connection_pool (2.4.1)
    dotenv (3.1.2)
    einhorn (1.0.0)
    nio4r (2.7.3)
    puma (6.4.2)
      nio4r (~> 2.0)
    rack (2.2.9)
    rack-session (1.0.2)
      rack (< 3)
    redis (5.2.0)
      redis-client (>= 0.22.0)
    redis-client (0.22.2)
      connection_pool
    sidekiq (6.5.5)
      connection_pool (>= 2.2.2)
      rack (~> 2.0)
      redis (>= 4.5.0)

PLATFORMS
  arm64-darwin-23
  ruby

DEPENDENCIES
  dotenv
  puma
  rack-session
  redis
  sidekiq-ent (~> 2.5.3)!

RUBY VERSION
   ruby 3.1.5p252

BUNDLED WITH
   2.5.3
