GEM
  remote: https://enterprise.contribsys.com/
  specs:
    sidekiq-ent (7.3.0)
      einhorn (~> 1.0)
      gserver
      sidekiq (>= 7.3.0, < 8)
      sidekiq-pro (>= 7.3.0, < 8)
    sidekiq-pro (7.3.0)
      sidekiq (>= 7.3.0, < 8)

GEM
  remote: https://rubygems.org/
  specs:
    coderay (1.1.3)
    concurrent-ruby (1.3.3)
    connection_pool (2.4.1)
    dotenv (3.1.2)
    einhorn (1.0.0)
    gserver (0.0.1)
    logger (1.6.0)
    method_source (1.1.0)
    nio4r (2.7.3)
    pry (0.14.2)
      coderay (~> 1.1)
      method_source (~> 1.0)
    puma (6.4.2)
      nio4r (~> 2.0)
    rack (2.2.9)
    rack-session (1.0.2)
      rack (< 3)
    redis (5.2.0)
      redis-client (>= 0.22.0)
    redis-client (0.22.2)
      connection_pool
    sidekiq (7.3.0)
      concurrent-ruby (< 2)
      connection_pool (>= 2.3.0)
      logger
      rack (>= 2.2.4)
      redis-client (>= 0.22.2)

PLATFORMS
  arm64-darwin-23
  ruby

DEPENDENCIES
  dotenv
  pry
  puma
  rack-session
  redis
  sidekiq-ent (~> 7)!

RUBY VERSION
   ruby 3.1.5p252

BUNDLED WITH
   2.5.3
